GEM
  remote: https://rubygems.org/
  specs:
    google-protobuf (3.19.2)
    googleapis-common-protos-types (1.0.5)
      google-protobuf (~> 3.11)
    grpc (1.32.0)
      google-protobuf (~> 3.13)
      googleapis-common-protos-types (~> 1.0)
    grpc-tools (1.32.0)
    httparty (0.18.1)
      mime-types (~> 3.0)
      multi_xml (>= 0.5.2)
    json (2.3.1)
    mime-types (3.3.1)
      mime-types-data (~> 3.2015)
    mime-types-data (3.2020.0512)
    multi_xml (0.6.0)
    mustermann (1.1.1)
      ruby2_keywords (~> 0.0.1)
    nio4r (2.5.8)
    puma (4.3.12)
      nio4r (~> 2.0)
    rack (2.2.6.2)
    rack-protection (2.2.0)
      rack
    ruby2_keywords (0.0.5)
    sinatra (2.2.0)
      mustermann (~> 1.0)
      rack (~> 2.2)
      rack-protection (= 2.2.0)
      tilt (~> 2.0)
    sinatra-cross_origin (0.4.0)
    tilt (2.0.10)
    tshield (0.12.0.0)
      grpc (~> 1.28, >= 1.28.0)
      grpc-tools (~> 1.28, >= 1.28.0)
      httparty (~> 0.14, >= 0.14.0)
      json (~> 2.0, >= 2.0)
      puma (~> 4.3, >= 4.3.3)
      sinatra (~> 2.1, >= 2.1.0)
      sinatra-cross_origin (~> 0.4.0, >= 0.4)

PLATFORMS
  ruby

DEPENDENCIES
  tshield

BUNDLED WITH
   2.1.4
