GEM
  remote: https://rubygems.org/
  specs:
    addressable (2.7.0)
      public_suffix (>= 2.0.2, < 5.0)
    ast (2.4.0)
    backports (3.15.0)
    builder (3.2.3)
    byebug (11.0.1)
    capybara (3.29.0)
      addressable
      mini_mime (>= 0.1.3)
      nokogiri (~> 1.8)
      rack (>= 1.6.0)
      rack-test (>= 0.6.3)
      regexp_parser (~> 1.5)
      xpath (~> 3.2)
    childprocess (2.0.0)
      rake (< 13.0)
    cliver (0.3.2)
    cucumber (3.1.2)
      builder (>= 2.1.2)
      cucumber-core (~> 3.2.0)
      cucumber-expressions (~> 6.0.1)
      cucumber-wire (~> 0.0.1)
      diff-lcs (~> 1.3)
      gherkin (~> 5.1.0)
      multi_json (>= 1.7.5, < 2.0)
      multi_test (>= 0.1.2)
    cucumber-core (3.2.1)
      backports (>= 3.8.0)
      cucumber-tag_expressions (~> 1.1.0)
      gherkin (~> 5.0)
    cucumber-expressions (6.0.1)
    cucumber-tag_expressions (1.1.1)
    cucumber-wire (0.0.1)
    diff-lcs (1.3)
    gherkin (5.1.0)
    haml (4.0.7)
      tilt
    httparty (0.17.0)
      mime-types (~> 3.0)
      multi_xml (>= 0.5.2)
    jaro_winkler (1.5.3)
    json (2.2.0)
    mime-types (3.3)
      mime-types-data (~> 3.2015)
    mime-types-data (3.2019.0904)
    mini_mime (1.0.2)
    mini_portile2 (2.4.0)
    multi_json (1.13.1)
    multi_test (0.1.2)
    multi_xml (0.6.0)
    nokogiri (1.10.4)
      mini_portile2 (~> 2.4.0)
    parallel (1.17.0)
    parallel_tests (2.29.2)
      parallel
    parser (2.6.4.0)
      ast (~> 2.4.0)
    poltergeist (1.18.1)
      capybara (>= 2.1, < 4)
      cliver (~> 0.3.1)
      websocket-driver (>= 0.2.0)
    public_suffix (4.0.1)
    rack (1.6.11)
    rack-protection (1.5.5)
      rack
    rack-test (1.1.0)
      rack (>= 1.0, < 3)
    rainbow (3.0.0)
    rake (12.3.3)
    regexp_parser (1.6.0)
    rspec (3.8.0)
      rspec-core (~> 3.8.0)
      rspec-expectations (~> 3.8.0)
      rspec-mocks (~> 3.8.0)
    rspec-core (3.8.2)
      rspec-support (~> 3.8.0)
    rspec-expectations (3.8.4)
      diff-lcs (>= 1.2.0, < 2.0)
      rspec-support (~> 3.8.0)
    rspec-mocks (3.8.1)
      diff-lcs (>= 1.2.0, < 2.0)
      rspec-support (~> 3.8.0)
    rspec-support (3.8.2)
    rubocop (0.74.0)
      jaro_winkler (~> 1.5.1)
      parallel (~> 1.10)
      parser (>= 2.6)
      rainbow (>= 2.2.2, < 4.0)
      ruby-progressbar (~> 1.7)
      unicode-display_width (>= 1.4.0, < 1.7)
    ruby-progressbar (1.10.1)
    rubyzip (1.2.4)
    selenium-webdriver (3.142.4)
      childprocess (>= 0.5, < 3.0)
      rubyzip (~> 1.2, >= 1.2.2)
    sinatra (1.4.8)
      rack (~> 1.5)
      rack-protection (~> 1.4)
      tilt (>= 1.3, < 3)
    site_prism (3.4)
      addressable (~> 2.5)
      capybara (~> 3.3)
      site_prism-all_there (~> 0.2.0)
    site_prism-all_there (0.2.1)
    tilt (2.0.9)
    tshield (0.11.5.0)
      byebug (~> 11.0, >= 11.0.1)
      haml (~> 4.0, >= 4.0.7)
      httparty (~> 0.14, >= 0.14.0)
      json (~> 2.0, >= 2.0)
      sinatra (~> 1.4, >= 1.4.0)
    unicode-display_width (1.6.0)
    webdrivers (4.1.2)
      nokogiri (~> 1.6)
      rubyzip (~> 1.0)
      selenium-webdriver (>= 3.0, < 4.0)
    websocket-driver (0.7.1)
      websocket-extensions (>= 0.1.0)
    websocket-extensions (0.1.4)
    xpath (3.2.0)
      nokogiri (~> 1.8)

PLATFORMS
  ruby

DEPENDENCIES
  byebug
  capybara
  cucumber
  httparty
  parallel_tests
  poltergeist
  rspec
  rubocop
  selenium-webdriver
  site_prism
  tshield
  webdrivers

BUNDLED WITH
   2.0.2
